ObjectType = Image
NDims = 3
BinaryData = True
BinaryDataByteOrderMSB = False
CompressedData = False
TransformMatrix = 1 0 0 0 1 0 0 0 1
Offset = 0 0 0
CenterOfRotation = 0 0 0
AnatomicalOrientation = RAI
ElementSpacing = 0.000165933 0.000165933 0.000165933
DimSize = 181 163 199
ElementType = MET_FLOAT
ElementDataFile = m1.raw
